PATH
  remote: .
  specs:
    twitter (1.0.0.rc.6)
      faraday (~> 0.5.3)
      faraday_middleware (~> 0.3.0)
      hashie (~> 0.4.0)
      multi_json (~> 0.0.5)
      multi_xml (~> 0.2.0)
      simple_oauth (~> 0.1.1)

GEM
  remote: http://rubygems.org/
  specs:
    ZenTest (4.4.0)
    addressable (2.2.2)
    crack (0.1.8)
    diff-lcs (1.1.2)
    faraday (0.5.3)
      addressable (~> 2.2.2)
      multipart-post (~> 1.0.1)
      rack (>= 1.1.0, < 2)
    faraday_middleware (0.3.0)
      faraday (~> 0.5.3)
    hashie (0.4.0)
    json (1.4.6)
    json (1.4.6-java)
    maruku (0.6.0)
      syntax (>= 1.0.0)
    multi_json (0.0.5)
    multi_xml (0.2.0)
    multipart-post (1.0.1)
    nokogiri (1.4.3.1)
    nokogiri (1.4.3.1-java)
      weakling (>= 0.0.3)
    rack (1.2.1)
    rake (0.8.7)
    rspec (2.1.0)
      rspec-core (~> 2.1.0)
      rspec-expectations (~> 2.1.0)
      rspec-mocks (~> 2.1.0)
    rspec-core (2.1.0)
    rspec-expectations (2.1.0)
      diff-lcs (~> 1.1.2)
    rspec-mocks (2.1.0)
    simple_oauth (0.1.1)
    simplecov (0.3.7)
      simplecov-html (>= 0.3.7)
    simplecov-html (0.3.9)
    syntax (1.0.0)
    weakling (0.0.4-java)
    webmock (1.6.0)
      addressable (>= 2.2.2)
      crack (>= 0.1.7)
    yard (0.6.1)

PLATFORMS
  java
  ruby

DEPENDENCIES
  ZenTest (~> 4.4)
  bundler (~> 1.0)
  faraday (~> 0.5.3)
  faraday_middleware (~> 0.3.0)
  hashie (~> 0.4.0)
  json (~> 1.4)
  maruku (~> 0.6)
  multi_json (~> 0.0.5)
  multi_xml (~> 0.2.0)
  nokogiri (~> 1.4)
  rake (~> 0.8)
  rspec (~> 2.1)
  simple_oauth (~> 0.1.1)
  simplecov (~> 0.3)
  twitter!
  webmock (~> 1.6)
  yard (~> 0.6)
